GEM
  remote: https://rubygems.org/
  specs:
    columnize (0.3.6)
    debugger (1.6.1)
      columnize (>= 0.3.1)
      debugger-linecache (~> 1.2.0)
      debugger-ruby_core_source (~> 1.2.3)
    debugger-linecache (1.2.0)
    debugger-ruby_core_source (1.2.3)
    json (1.8.0)
    lisbn (0.1.3)
      nokogiri
      nori (~> 2.0)
    mini_portile (0.5.1)
    nokogiri (1.6.0)
      mini_portile (~> 0.5.0)
    nori (2.3.0)
    open-uri-cached (0.0.5)

PLATFORMS
  ruby

DEPENDENCIES
  debugger
  json
  lisbn
  nokogiri
  open-uri-cached
