GEM
  remote: https://rubygems.org/
  specs:
    json (1.8.0)
    mini_portile (0.5.1)
    nokogiri (1.6.0)
      mini_portile (~> 0.5.0)
    open-uri-cached (0.0.5)

PLATFORMS
  ruby

DEPENDENCIES
  json
  nokogiri
  open-uri-cached
